GEM
  remote: https://rubygems.org/
  specs:
    asciidoctor (2.0.12)

PLATFORMS
  x86_64-linux

DEPENDENCIES
  asciidoctor (= 2.0.12)

BUNDLED WITH
   2.2.5
